GIT
  remote: git://github.com/ryw/pinboard.git
  revision: 6d3096f62923de76c9d572b3a9c37acf817b3636
  specs:
    pinboard (0.1.1)
      httparty (= 0.11.0)

GEM
  remote: https://rubygems.org/
  specs:
    awesome_print (1.6.1)
    coderay (1.1.0)
    ethon (0.8.0)
      ffi (>= 1.3.0)
    ffi (1.9.10)
    httparty (0.11.0)
      multi_json (~> 1.0)
      multi_xml (>= 0.5.2)
    method_source (0.8.2)
    mini_portile2 (2.0.0)
    multi_json (1.11.2)
    multi_xml (0.5.5)
    nokogiri (1.6.7.1)
      mini_portile2 (~> 2.0.0.rc2)
    plist (3.1.0)
    pry (0.10.3)
      coderay (~> 1.1.0)
      method_source (~> 0.8.1)
      slop (~> 3.4)
    slop (3.6.0)
    typhoeus (0.8.0)
      ethon (>= 0.8.0)

PLATFORMS
  ruby

DEPENDENCIES
  awesome_print
  nokogiri
  pinboard!
  plist
  pry
  typhoeus

BUNDLED WITH
   1.10.4
